GEM
  remote: https://rubygems.org/
  specs:
    CFPropertyList (2.3.5)
    activesupport (4.2.10)
      i18n (~> 0.7)
      minitest (~> 5.1)
      thread_safe (~> 0.3, >= 0.3.4)
      tzinfo (~> 1.1)
    awesome_print_motion (0.1.0)
    builder (3.2.3)
    cdq (1.0.8)
      motion-yaml (= 1.4)
      ruby-xcdm (>= 0.0.9)
    claide (1.0.2)
    cocoapods (1.2.1)
      activesupport (>= 4.0.2, < 5)
      claide (>= 1.0.1, < 2.0)
      cocoapods-core (= 1.2.1)
      cocoapods-deintegrate (>= 1.0.1, < 2.0)
      cocoapods-downloader (>= 1.1.3, < 2.0)
      cocoapods-plugins (>= 1.0.0, < 2.0)
      cocoapods-search (>= 1.0.0, < 2.0)
      cocoapods-stats (>= 1.0.0, < 2.0)
      cocoapods-trunk (>= 1.2.0, < 2.0)
      cocoapods-try (>= 1.1.0, < 2.0)
      colored2 (~> 3.1)
      escape (~> 0.0.4)
      fourflusher (~> 2.0.1)
      gh_inspector (~> 1.0)
      molinillo (~> 0.5.7)
      nap (~> 1.0)
      ruby-macho (~> 1.1)
      xcodeproj (>= 1.4.4, < 2.0)
    cocoapods-core (1.2.1)
      activesupport (>= 4.0.2, < 5)
      fuzzy_match (~> 2.0.4)
      nap (~> 1.0)
    cocoapods-deintegrate (1.0.1)
    cocoapods-downloader (1.1.3)
    cocoapods-plugins (1.0.0)
      nap
    cocoapods-search (1.0.0)
    cocoapods-stats (1.0.0)
    cocoapods-trunk (1.2.0)
      nap (>= 0.8, < 2.0)
      netrc (= 0.7.8)
    cocoapods-try (1.1.0)
    colored2 (3.1.2)
    dbt (1.2.0)
    escape (0.0.4)
    fourflusher (2.0.1)
    fuzzy_match (2.0.4)
    gh_inspector (1.0.3)
    i18n (0.8.6)
    linkify-it-rb (1.2.0)
      uc.micro-rb (~> 1.0)
    mdurl-rb (1.0.0.3)
    minitest (5.10.3)
    molinillo (0.5.7)
    motion-cocoapods (1.8.1)
      cocoapods (>= 1.0.0)
    motion-csv (0.0.2)
    motion-date (1.0)
    motion-fileutils (0.1.1)
    motion-kit (1.1.1)
      dbt (~> 1.1, >= 1.1.5)
    motion-markdown-it (4.4.0)
      linkify-it-rb (~> 1.2)
      mdurl-rb (~> 1.0)
      uc.micro-rb (~> 1.0)
    motion-yaml (1.4)
    motion_print (1.2.0)
    nanaimo (0.2.3)
    nap (1.1.0)
    netrc (0.7.8)
    plist (3.3.0)
    rake (12.1.0)
    ruby-macho (1.1.0)
    ruby-xcdm (0.0.10)
      activesupport (~> 4.1)
      builder (~> 3.2)
      plist (~> 3.1)
    thread_safe (0.3.6)
    tzinfo (1.2.3)
      thread_safe (~> 0.1)
    uc.micro-rb (1.0.0)
    xcodeproj (1.5.0)
      CFPropertyList (~> 2.3.3)
      claide (>= 1.0.2, < 2.0)
      colored2 (~> 3.1)
      nanaimo (~> 0.2.3)

PLATFORMS
  ruby

DEPENDENCIES
  awesome_print_motion
  cdq
  motion-cocoapods
  motion-csv
  motion-date
  motion-fileutils
  motion-kit
  motion-markdown-it
  motion_print
  rake

BUNDLED WITH
   1.13.6
